GEM
  specs:
    require (0.2.7)

PLATFORMS
  ruby

DEPENDENCIES
  require

BUNDLED WITH
   2.0.1
